PATH
  remote: .
  specs:
    an-backend (0.1.0)
      grape
      ohm
      ohm-contrib
      ohm-stateful-model
      ohm-zset
      puma
      rack-cors
      rake

GEM
  remote: https://rubygems.org/
  specs:
    activesupport (4.2.4)
      i18n (~> 0.7)
      json (~> 1.7, >= 1.7.7)
      minitest (~> 5.1)
      thread_safe (~> 0.3, >= 0.3.4)
      tzinfo (~> 1.1)
    ansi (1.5.0)
    axiom-types (0.1.1)
      descendants_tracker (~> 0.0.4)
      ice_nine (~> 0.11.0)
      thread_safe (~> 0.3, >= 0.3.1)
    builder (3.2.2)
    coercible (1.0.0)
      descendants_tracker (~> 0.0.1)
    descendants_tracker (0.0.4)
      thread_safe (~> 0.3, >= 0.3.1)
    equalizer (0.0.11)
    file-tail (1.1.0)
      tins (~> 1.0)
    grape (0.13.0)
      activesupport
      builder
      hashie (>= 2.1.0)
      multi_json (>= 1.3.2)
      multi_xml (>= 0.5.2)
      rack (>= 1.3.0)
      rack-accept
      rack-mount
      virtus (>= 1.0.0)
    hashie (3.4.2)
    hiredis (0.6.0)
    i18n (0.7.0)
    ice_nine (0.11.1)
    json (1.8.3)
    minitest (5.8.1)
    minitest-reporters (1.1.3)
      ansi
      builder
      minitest (>= 5.0)
      ruby-progressbar
    msgpack (0.5.12)
    multi_json (1.11.2)
    multi_xml (0.5.5)
    nido (1.0.0)
    ohm (2.3.0)
      msgpack (~> 0.5.0)
      nido
      redic (~> 1.5.0)
      stal
    ohm-contrib (2.2.0)
      ohm (~> 2.2)
    ohm-stateful-model (1.0.0)
      ohm
      state_machine
    ohm-zset (0.6)
      ohm
      ohm-contrib
      redis
      sourcify
      uuidtools
    puma (2.14.0)
    rack (1.6.4)
    rack-accept (0.4.5)
      rack (>= 0.4)
    rack-cors (0.4.0)
    rack-mount (0.8.3)
      rack (>= 1.0.0)
    rack-test (0.6.3)
      rack (>= 1.0)
    rake (10.4.2)
    redic (1.5.0)
      hiredis
    redis (3.2.1)
    ruby-progressbar (1.7.5)
    ruby2ruby (2.2.0)
      ruby_parser (~> 3.1)
      sexp_processor (~> 4.0)
    ruby_parser (3.7.1)
      sexp_processor (~> 4.1)
    sexp_processor (4.6.0)
    sourcify (0.5.0)
      file-tail (>= 1.0.5)
      ruby2ruby (>= 1.2.5)
      ruby_parser (>= 2.0.5)
      sexp_processor (>= 3.0.5)
    stal (0.1.0)
      redic
    state_machine (1.2.0)
    thread_safe (0.3.5)
    tins (1.6.0)
    tzinfo (1.2.2)
      thread_safe (~> 0.1)
    uuidtools (2.1.5)
    virtus (1.0.5)
      axiom-types (~> 0.1)
      coercible (~> 1.0)
      descendants_tracker (~> 0.0, >= 0.0.3)
      equalizer (~> 0.0, >= 0.0.9)

PLATFORMS
  ruby

DEPENDENCIES
  an-backend!
  minitest
  minitest-reporters
  rack-test

BUNDLED WITH
   1.10.6
